GEM
  remote: https://rubygems.org/
  specs:
    cinch (2.2.4)
    cinch-identify (1.7.0)
      cinch (~> 2.0)

PLATFORMS
  ruby

DEPENDENCIES
  cinch
  cinch-identify
